PATH
  remote: .
  specs:
    octodown (1.0.4)
      gemoji (~> 2.1.0)
      github-linguist (~> 4.2.5)
      github-markdown (~> 0.6.8)
      github-markup (~> 1.3.1)
      html-pipeline (~> 1.11.0)
      launchy (~> 2.4.3)
      pygments.rb (~> 0.6.0)
      sanitize (~> 3.1.0)

GEM
  remote: https://rubygems.org/
  specs:
    activesupport (4.2.0)
      i18n (~> 0.7)
      json (~> 1.7, >= 1.7.7)
      minitest (~> 5.1)
      thread_safe (~> 0.3, >= 0.3.4)
      tzinfo (~> 1.1)
    addressable (2.3.6)
    ast (2.0.0)
    astrolabe (1.3.0)
      parser (>= 2.2.0.pre.3, < 3.0)
    charlock_holmes (0.7.3)
    crass (1.0.1)
    diff-lcs (1.2.5)
    escape_utils (1.0.1)
    faraday (0.9.1)
      multipart-post (>= 1.2, < 3)
    gemoji (2.1.0)
    github-linguist (4.2.7)
      charlock_holmes (~> 0.7.3)
      escape_utils (~> 1.0.1)
      mime-types (>= 1.19)
      rugged (~> 0.22.0b4)
    github-markdown (0.6.8)
    github-markup (1.3.1)
      posix-spawn (~> 0.3.8)
    html-pipeline (1.11.0)
      activesupport (>= 2)
      nokogiri (~> 1.4)
    i18n (0.7.0)
    json (1.8.2)
    launchy (2.4.3)
      addressable (~> 2.3)
    mime-types (2.4.3)
    mini_portile (0.6.2)
    minitest (5.5.1)
    multipart-post (2.0.0)
    nokogiri (1.6.6.2)
      mini_portile (~> 0.6.0)
    nokogumbo (1.2.0)
      nokogiri
    octokit (3.7.0)
      sawyer (~> 0.6.0, >= 0.5.3)
    parser (2.2.0.2)
      ast (>= 1.1, < 3.0)
    posix-spawn (0.3.9)
    powerpack (0.0.9)
    pygments.rb (0.6.2)
      posix-spawn (~> 0.3.6)
      yajl-ruby (~> 1.2.0)
    rainbow (2.0.0)
    rake (10.4.2)
    rspec (3.1.0)
      rspec-core (~> 3.1.0)
      rspec-expectations (~> 3.1.0)
      rspec-mocks (~> 3.1.0)
    rspec-core (3.1.7)
      rspec-support (~> 3.1.0)
    rspec-expectations (3.1.2)
      diff-lcs (>= 1.2.0, < 2.0)
      rspec-support (~> 3.1.0)
    rspec-mocks (3.1.3)
      rspec-support (~> 3.1.0)
    rspec-support (3.1.2)
    rubocop (0.28.0)
      astrolabe (~> 1.3)
      parser (>= 2.2.0.pre.7, < 3.0)
      powerpack (~> 0.0.6)
      rainbow (>= 1.99.1, < 3.0)
      ruby-progressbar (~> 1.4)
    ruby-progressbar (1.7.1)
    rugged (0.22.0b5)
    sanitize (3.1.0)
      crass (~> 1.0.1)
      nokogiri (>= 1.4.4)
      nokogumbo (= 1.2.0)
    sawyer (0.6.0)
      addressable (~> 2.3.5)
      faraday (~> 0.8, < 0.10)
    thread_safe (0.3.4)
    tzinfo (1.2.2)
      thread_safe (~> 0.1)
    yajl-ruby (1.2.1)

PLATFORMS
  ruby

DEPENDENCIES
  bundler (~> 1.7)
  charlock_holmes (= 0.7.3)
  escape_utils (= 1.0.1)
  github-markdown (= 0.6.8)
  json (= 1.8.2)
  nokogiri (= 1.6.6.2)
  nokogumbo (= 1.2.0)
  octodown!
  octokit
  posix-spawn (= 0.3.9)
  rake (~> 10.0)
  rspec (~> 3.1.0)
  rubocop (~> 0.28.0)
  rugged (= 0.22.0b5)
  yajl-ruby (= 1.2.1)
